GIT
  remote: git://github.com/sinatra/sinatra.git
  revision: f12a26cdf86c66baa6d6958aad20fea327558e04
  specs:
    sinatra (1.4.2)
      rack (~> 1.5, >= 1.5.2)
      rack-protection (~> 1.4)
      tilt (~> 1.3, >= 1.3.4)

GEM
  remote: https://rubygems.org/
  specs:
    coffee-script (2.2.0)
      coffee-script-source
      execjs
    coffee-script-source (1.6.2)
    daemons (1.1.9)
    eventmachine (1.0.3)
    execjs (1.4.0)
      multi_json (~> 1.0)
    haml (4.0.2)
      tilt
    multi_json (1.7.3)
    r18n-core (1.1.5)
    rack (1.5.2)
    rack-protection (1.5.0)
      rack
    sass (3.2.9)
    sinatra-partial (0.4.0)
      sinatra
    sinatra-r18n (1.1.5)
      r18n-core (= 1.1.5)
      sinatra (>= 1.3)
    thin (1.5.1)
      daemons (>= 1.0.9)
      eventmachine (>= 0.12.6)
      rack (>= 1.0.0)
    tilt (1.4.1)

PLATFORMS
  ruby

DEPENDENCIES
  coffee-script
  haml
  sass
  sinatra!
  sinatra-partial
  sinatra-r18n
  thin
