GIT
  remote: git://github.com/sinatra/sinatra.git
  revision: 189bce49f0aa7bb77de37f2936d948c5f033f0c3
  specs:
    sinatra (1.4.0)
      rack (~> 1.4)
      rack-protection (~> 1.3)
      tilt (~> 1.3, >= 1.3.3)

GEM
  remote: http://rubygems.org/
  specs:
    coffee-script (2.2.0)
      coffee-script-source
      execjs
    coffee-script-source (1.4.0)
    execjs (1.4.0)
      multi_json (~> 1.0)
    haml (3.1.7)
    multi_json (1.5.0)
    rack (1.5.2)
    rack-protection (1.3.2)
      rack
    sass (3.2.5)
    tilt (1.3.3)

PLATFORMS
  ruby

DEPENDENCIES
  coffee-script
  haml
  sass
  sinatra!
